NUGET
  remote: https://nuget.org/api/v2
  specs:
    Antlr (3.4.1.9004)
    FAKE (3.23.0)
    jQuery (1.8.0)
    jQuery.UI.Combined (1.8.22)
      jQuery (>= 1.4.4)
    jQuery.Validation (1.9.0.1)
      jQuery (>= 1.3.2)
    knockoutjs (2.1.0)
    Microsoft.AspNet.Mvc (5.0.0)
      Microsoft.AspNet.Razor (>= 3.0.0)
      Microsoft.AspNet.WebPages (>= 3.0.0)
    Microsoft.AspNet.Razor (3.0.0)
    Microsoft.AspNet.Web.Optimization (1.1.2)
      Microsoft.Web.Infrastructure (>= 1.0.0)
      WebGrease (>= 1.5.2)
    Microsoft.AspNet.WebApi.Client (5.0.0)
      Microsoft.Net.Http (>= 2.2.13) - framework: portable-wp80+win+net45
      Newtonsoft.Json (>= 4.5.11) - framework: portable-wp80+win+net45, >= net45
    Microsoft.AspNet.WebApi.Core (5.0.0)
      Microsoft.AspNet.WebApi.Client (>= 5.0.0)
    Microsoft.AspNet.WebApi.WebHost (5.0.0)
      Microsoft.AspNet.WebApi.Core (>= 5.0.0)
    Microsoft.AspNet.WebPages (3.0.0)
      Microsoft.AspNet.Razor (>= 3.0.0)
      Microsoft.Web.Infrastructure (>= 1.0.0.0)
    Microsoft.Bcl (1.1.10)
      Microsoft.Bcl.Build (>= 1.0.14)
    Microsoft.Bcl.Build (1.0.21)
    Microsoft.jQuery.Unobtrusive.Ajax (2.0.20710.0)
      jQuery (>= 1.4.4 < 2.0)
    Microsoft.jQuery.Unobtrusive.Validation (2.0.20710.0)
      jQuery.Validation (>= 1.8 < 2.0)
    Microsoft.Net.Http (2.2.29) - framework: portable-wp80+win+net45
      Microsoft.Bcl (>= 1.1.10)
      Microsoft.Bcl.Build (>= 1.0.14)
    Microsoft.Web.Infrastructure (1.0.0.0)
    Microsoft.Web.Optimization (1.0.0-beta2)
      Microsoft.AspNet.Web.Optimization (>= 1.0.0-beta2)
    Modernizr (2.5.3)
    Newtonsoft.Json (5.0.8)
    NuGet.CommandLine (2.8.3)
    NUnit (2.6.3)
    NUnit.Runners (2.6.2)
    WebGrease (1.5.2)
      Antlr (>= 3.4.1.9004)
      Newtonsoft.Json (>= 5.0.4)
